PATH
  remote: .
  specs:
    batchmaker (1.0.2)

GEM
  remote: https://artifacts.dox.support/repository/gems/
  specs:
    ast (2.4.0)
    diff-lcs (1.3)
    dox-style (1.1.1)
      rubocop (~> 0.72)
      rubocop-performance
      rubocop-rails
      rubocop-rspec
    jaro_winkler (1.5.3)
    parallel (1.17.0)
    parser (2.6.3.0)
      ast (~> 2.4.0)
    rack (2.0.7)
    rainbow (3.0.0)
    rake (12.3.2)
    rdoc (6.1.1)
    rspec (3.8.0)
      rspec-core (~> 3.8.0)
      rspec-expectations (~> 3.8.0)
      rspec-mocks (~> 3.8.0)
    rspec-core (3.8.2)
      rspec-support (~> 3.8.0)
    rspec-expectations (3.8.4)
      diff-lcs (>= 1.2.0, < 2.0)
      rspec-support (~> 3.8.0)
    rspec-mocks (3.8.1)
      diff-lcs (>= 1.2.0, < 2.0)
      rspec-support (~> 3.8.0)
    rspec-support (3.8.2)
    rspec_junit_formatter (0.4.1)
      rspec-core (>= 2, < 4, != 2.12.0)
    rubocop (0.73.0)
      jaro_winkler (~> 1.5.1)
      parallel (~> 1.10)
      parser (>= 2.6)
      rainbow (>= 2.2.2, < 4.0)
      ruby-progressbar (~> 1.7)
      unicode-display_width (>= 1.4.0, < 1.7)
    rubocop-performance (1.4.0)
      rubocop (>= 0.71.0)
    rubocop-rails (2.2.1)
      rack (>= 1.1)
      rubocop (>= 0.72.0)
    rubocop-rspec (1.33.0)
      rubocop (>= 0.60.0)
    ruby-progressbar (1.10.1)
    sdoc (1.0.0)
      rdoc (>= 5.0)
    unicode-display_width (1.6.0)

PLATFORMS
  ruby

DEPENDENCIES
  batchmaker!
  bundler
  dox-style
  rake
  rspec
  rspec_junit_formatter
  sdoc

BUNDLED WITH
   2.4.3
